GIT
  remote: https://github.com/tongueroo/jets.git
  revision: 0ae6b34b4103c2302b6be1999eb00a6ae5727929
  branch: master
  submodules: true
  specs:
    jets (4.0.4)
      actionmailer (~> 6.1.0)
      actionpack (~> 6.1.0)
      actionview (~> 6.1.0)
      activerecord (~> 6.1.0)
      activesupport (~> 6.1.0)
      aws-mfa-secure (~> 0.4.0)
      aws-sdk-apigateway
      aws-sdk-cloudformation
      aws-sdk-cloudwatchlogs
      aws-sdk-dynamodb
      aws-sdk-kinesis
      aws-sdk-lambda
      aws-sdk-s3
      aws-sdk-sns
      aws-sdk-sqs
      aws-sdk-ssm
      cfn-status
      cfn_camelizer (>= 0.4.9)
      cfn_response
      dotenv
      gems
      hashie
      jets-html-sanitizer
      kramdown
      memoist
      mini_mime
      rack
      railties (~> 6.1.0)
      rainbow
      recursive-open-struct
      serverlessgems (>= 0.2.0)
      shotgun
      text-table
      thor
      zeitwerk (>= 2.6.0)

GEM
  remote: https://rubygems.org/
  specs:
    actionmailer (6.1.7.6)
      actionpack (= 6.1.7.6)
      actionview (= 6.1.7.6)
      activejob (= 6.1.7.6)
      activesupport (= 6.1.7.6)
      mail (~> 2.5, >= 2.5.4)
      rails-dom-testing (~> 2.0)
    actionpack (6.1.7.6)
      actionview (= 6.1.7.6)
      activesupport (= 6.1.7.6)
      rack (~> 2.0, >= 2.0.9)
      rack-test (>= 0.6.3)
      rails-dom-testing (~> 2.0)
      rails-html-sanitizer (~> 1.0, >= 1.2.0)
    actionview (6.1.7.6)
      activesupport (= 6.1.7.6)
      builder (~> 3.1)
      erubi (~> 1.4)
      rails-dom-testing (~> 2.0)
      rails-html-sanitizer (~> 1.1, >= 1.2.0)
    activejob (6.1.7.6)
      activesupport (= 6.1.7.6)
      globalid (>= 0.3.6)
    activemodel (6.1.7.6)
      activesupport (= 6.1.7.6)
    activerecord (6.1.7.6)
      activemodel (= 6.1.7.6)
      activesupport (= 6.1.7.6)
    activesupport (6.1.7.6)
      concurrent-ruby (~> 1.0, >= 1.0.2)
      i18n (>= 1.6, < 2)
      minitest (>= 5.1)
      tzinfo (~> 2.0)
      zeitwerk (~> 2.3)
    aws-eventstream (1.2.0)
    aws-mfa-secure (0.4.4)
      activesupport
      aws-sdk-core
      aws_config
      memoist
      rainbow
      thor
      zeitwerk
    aws-partitions (1.820.0)
    aws-sdk-apigateway (1.87.0)
      aws-sdk-core (~> 3, >= 3.177.0)
      aws-sigv4 (~> 1.1)
    aws-sdk-cloudformation (1.88.0)
      aws-sdk-core (~> 3, >= 3.177.0)
      aws-sigv4 (~> 1.1)
    aws-sdk-cloudwatchlogs (1.69.0)
      aws-sdk-core (~> 3, >= 3.177.0)
      aws-sigv4 (~> 1.1)
    aws-sdk-core (3.181.0)
      aws-eventstream (~> 1, >= 1.0.2)
      aws-partitions (~> 1, >= 1.651.0)
      aws-sigv4 (~> 1.5)
      jmespath (~> 1, >= 1.6.1)
    aws-sdk-dynamodb (1.93.1)
      aws-sdk-core (~> 3, >= 3.177.0)
      aws-sigv4 (~> 1.1)
    aws-sdk-kinesis (1.50.0)
      aws-sdk-core (~> 3, >= 3.177.0)
      aws-sigv4 (~> 1.1)
    aws-sdk-kms (1.71.0)
      aws-sdk-core (~> 3, >= 3.177.0)
      aws-sigv4 (~> 1.1)
    aws-sdk-lambda (1.104.0)
      aws-sdk-core (~> 3, >= 3.177.0)
      aws-sigv4 (~> 1.1)
    aws-sdk-s3 (1.134.0)
      aws-sdk-core (~> 3, >= 3.181.0)
      aws-sdk-kms (~> 1)
      aws-sigv4 (~> 1.6)
    aws-sdk-sns (1.65.0)
      aws-sdk-core (~> 3, >= 3.177.0)
      aws-sigv4 (~> 1.1)
    aws-sdk-sqs (1.62.0)
      aws-sdk-core (~> 3, >= 3.177.0)
      aws-sigv4 (~> 1.1)
    aws-sdk-ssm (1.156.0)
      aws-sdk-core (~> 3, >= 3.177.0)
      aws-sigv4 (~> 1.1)
    aws-sigv4 (1.6.0)
      aws-eventstream (~> 1, >= 1.0.2)
    aws_config (0.1.0)
    builder (3.2.4)
    byebug (11.0.1)
    cfn-status (0.4.6)
      aws-sdk-cloudformation
    cfn_camelizer (0.4.9)
      activesupport
      memoist
      rainbow
    cfn_response (0.2.0)
    concurrent-ruby (1.2.2)
    crass (1.0.6)
    date (3.3.3)
    diff-lcs (1.3)
    dotenv (2.8.1)
    dynomite (1.2.2)
      activesupport
      aws-sdk-dynamodb
    erubi (1.12.0)
    gems (1.2.0)
    globalid (1.2.1)
      activesupport (>= 6.1)
    hashie (5.0.0)
    i18n (1.14.1)
      concurrent-ruby (~> 1.0)
    jetpacker (0.7.0)
      activesupport (>= 5.2)
      rack-proxy (>= 0.6.1)
      railties (>= 5.2)
      semantic_range (>= 2.3.0)
    jets-html-sanitizer (1.0.4)
      loofah (~> 2.2, >= 2.2.2)
    jmespath (1.6.2)
    kramdown (2.4.0)
      rexml
    loofah (2.21.3)
      crass (~> 1.0.2)
      nokogiri (>= 1.12.0)
    mail (2.8.1)
      mini_mime (>= 0.1.1)
      net-imap
      net-pop
      net-smtp
    memoist (0.16.2)
    method_source (1.0.0)
    mini_mime (1.1.5)
    minitest (5.20.0)
    mysql2 (0.5.5)
    net-imap (0.3.7)
      date
      net-protocol
    net-pop (0.1.2)
      net-protocol
    net-protocol (0.2.1)
      timeout
    net-smtp (0.3.3)
      net-protocol
    nio4r (2.5.9)
    nokogiri (1.15.4-arm64-darwin)
      racc (~> 1.4)
    puma (6.3.1)
      nio4r (~> 2.0)
    racc (1.7.1)
    rack (2.2.8)
    rack-proxy (0.7.7)
      rack
    rack-test (2.1.0)
      rack (>= 1.3)
    rails-dom-testing (2.2.0)
      activesupport (>= 5.0.0)
      minitest
      nokogiri (>= 1.6)
    rails-html-sanitizer (1.6.0)
      loofah (~> 2.21)
      nokogiri (~> 1.14)
    railties (6.1.7.6)
      actionpack (= 6.1.7.6)
      activesupport (= 6.1.7.6)
      method_source
      rake (>= 12.2)
      thor (~> 1.0)
    rainbow (3.1.1)
    rake (13.0.6)
    recursive-open-struct (1.1.3)
    rexml (3.2.6)
    rspec (3.9.0)
      rspec-core (~> 3.9.0)
      rspec-expectations (~> 3.9.0)
      rspec-mocks (~> 3.9.0)
    rspec-core (3.9.0)
      rspec-support (~> 3.9.0)
    rspec-expectations (3.9.0)
      diff-lcs (>= 1.2.0, < 2.0)
      rspec-support (~> 3.9.0)
    rspec-mocks (3.9.0)
      diff-lcs (>= 1.2.0, < 2.0)
      rspec-support (~> 3.9.0)
    rspec-support (3.9.0)
    semantic_range (3.0.0)
    serverlessgems (0.4.0)
      gems
      memoist
      zeitwerk
    shotgun (0.9.2)
      rack (>= 1.0)
    text-table (1.2.4)
    thor (1.2.2)
    timeout (0.4.0)
    tzinfo (2.0.6)
      concurrent-ruby (~> 1.0)
    zeitwerk (2.6.11)

PLATFORMS
  arm64-darwin-21

DEPENDENCIES
  byebug
  dynomite
  jetpacker
  jets!
  mysql2 (~> 0.5.5)
  puma
  rack
  rspec
  shotgun

BUNDLED WITH
   2.4.19
